GEM
  remote: https://rubygems.org/
  specs:
    byebug (11.0.1)
    coderay (1.1.2)
    irb (1.0.0)
    method_source (0.9.2)
    power_assert (1.1.3)
    pry (0.12.2)
      coderay (~> 1.1.0)
      method_source (~> 0.9.0)
    pry-byebug (3.7.0)
      byebug (~> 11.0)
      pry (~> 0.10)
    test-unit (3.3.0)
      power_assert

PLATFORMS
  ruby

DEPENDENCIES
  irb
  pry-byebug
  test-unit

BUNDLED WITH
   2.0.1
